GEM
  remote: https://rubygems.org/
  specs:
    artii (2.1.2)
    coderay (1.1.1)
    geocoder (1.4.4)
    method_source (0.8.2)
    pry (0.10.4)
      coderay (~> 1.1.0)
      method_source (~> 0.8.1)
      slop (~> 3.4)
    slop (3.6.0)

PLATFORMS
  ruby

DEPENDENCIES
  artii
  geocoder
  pry

BUNDLED WITH
   1.15.2
