GEM
  remote: https://rubygems.org/
  specs:
    artii (2.1.2)
    coderay (1.1.1)
    faraday (0.12.1)
      multipart-post (>= 1.2, < 3)
    forecast_io (2.0.1)
      faraday
      hashie
      multi_json
    geocoder (1.4.4)
    hashie (3.5.6)
    method_source (0.8.2)
    multi_json (1.12.1)
    multipart-post (2.0.0)
    pry (0.10.4)
      coderay (~> 1.1.0)
      method_source (~> 0.8.1)
      slop (~> 3.4)
    slop (3.6.0)

PLATFORMS
  ruby

DEPENDENCIES
  artii
  forecast_io
  geocoder
  pry

RUBY VERSION
   ruby 2.3.0p0

BUNDLED WITH
   1.15.2
